GEM
  remote: https://rubygems.org/
  specs:
    nio4r (2.7.1)
    puma (6.4.2)
      nio4r (~> 2.0)
    rack (1.5.5)

PLATFORMS
  ruby
  x86_64-linux

DEPENDENCIES
  puma (~> 6.4)
  rack (~> 1.5.1)

BUNDLED WITH
   2.5.9
